PATH
  remote: ../rulers
  specs:
    rulers (0.0.3)
      rack (~> 2.2)
      webrick

GEM
  remote: https://rubygems.org/
  specs:
    ffi (1.15.5)
    listen (3.8.0)
      rb-fsevent (~> 0.10, >= 0.10.3)
      rb-inotify (~> 0.9, >= 0.9.10)
    rack (2.2.6.4)
    rb-fsevent (0.11.2)
    rb-inotify (0.10.1)
      ffi (~> 1.0)
    rerun (0.14.0)
      listen (~> 3.0)
    webrick (1.8.1)

PLATFORMS
  x86_64-darwin-22

DEPENDENCIES
  listen
  rerun
  rulers!

BUNDLED WITH
   2.4.5
